GEM
  remote: https://rubygems.org/
  specs:
    gosu (1.4.6)

PLATFORMS
  x86_64-linux

DEPENDENCIES
  gosu

BUNDLED WITH
   2.3.27
